GEM
  remote: https://rubygems.org/
  specs:
    ast (2.4.3)
    benchmark (0.4.0)
    chronic (0.10.2)
    coderay (1.1.3)
    fiddle (1.1.6)
    gpgme (2.0.24)
      mini_portile2 (~> 2.7)
    highline (3.1.2)
      reline
    io-console (0.8.0)
    json (2.10.2)
    language_server-protocol (3.17.0.4)
    locale (2.1.4)
    lockfile (2.1.3)
    logger (1.7.0)
    method_source (1.1.0)
    mime-types (3.6.2)
      logger
      mime-types-data (~> 3.2015)
    mime-types-data (3.2025.0402)
    mini_portile2 (2.8.8)
    minitest (5.25.5)
    ncursesw (1.4.13)
    optimist (3.2.1)
    parallel (1.26.3)
    parser (3.3.7.4)
      ast (~> 2.4.1)
      racc
    pry (0.15.2)
      coderay (~> 1.1)
      method_source (~> 1.0)
    racc (1.8.1)
    rainbow (3.1.1)
    rake (13.2.1)
    regexp_parser (2.9.0)
    reline (0.6.1)
      io-console (~> 0.5)
    rexml (3.2.6)
    rmail (1.1.4)
    rr (1.2.1)
    rubocop (1.63.2)
      json (~> 2.3)
      language_server-protocol (>= 3.17.0)
      parallel (~> 1.10)
      parser (>= 3.3.0.2)
      rainbow (>= 2.2.2, < 4.0)
      regexp_parser (>= 1.8, < 3.0)
      rexml (>= 3.2.5, < 4.0)
      rubocop-ast (>= 1.31.1, < 2.0)
      ruby-progressbar (~> 1.7)
      unicode-display_width (>= 2.4.0, < 3.0)
    rubocop-ast (1.31.2)
      parser (>= 3.3.0.4)
    rubocop-packaging (0.5.2)
      rubocop (>= 1.33, < 2.0)
    ruby-progressbar (1.13.0)
    unicode (0.4.4.5)
    unicode-display_width (2.5.0)
    xapian-ruby (1.4.27)

PLATFORMS
  aarch64-linux
  arm64-darwin-24
  ruby
  x86_64-darwin-17
  x86_64-darwin-18
  x86_64-darwin-19
  x86_64-darwin-20
  x86_64-darwin-21
  x86_64-darwin-22
  x86_64-darwin-23
  x86_64-darwin-24
  x86_64-linux

DEPENDENCIES
  benchmark
  bundler (>= 1.3, < 3)
  chronic
  fiddle
  gpgme (>= 2.0.2)
  highline
  locale (~> 2.0)
  lockfile
  mime-types (> 2.0)
  minitest (~> 5.5)
  ncursesw (~> 1.4.0)
  optimist
  pry
  rake
  rmail (>= 1.1.2, < 2)
  rr (~> 1.1)
  rubocop-packaging
  unicode (~> 0.4.4)
  unicode-display_width
  xapian-ruby (~> 1.2)

BUNDLED WITH
   2.5.22
